PATH
  remote: .
  specs:
    testrail_helper (0.0.11)
      json
      testrail_client

GEM
  remote: https://rubygems.org/
  specs:
    json (2.1.0)
    rake (10.5.0)
    testrail_client (0.0.1)

PLATFORMS
  ruby

DEPENDENCIES
  bundler (~> 1.10)
  rake (~> 10.0)
  testrail_helper!

BUNDLED WITH
   1.16.0.pre.3
